PATH
  remote: .
  specs:
    gadgeto_rails (0.1.0)

GEM
  remote: http://rubygems.org/
  specs:
    diff-lcs (1.2.1)
    rspec (2.13.0)
      rspec-core (~> 2.13.0)
      rspec-expectations (~> 2.13.0)
      rspec-mocks (~> 2.13.0)
    rspec-core (2.13.0)
    rspec-expectations (2.13.0)
      diff-lcs (>= 1.1.3, < 2.0)
    rspec-mocks (2.13.0)

PLATFORMS
  ruby

DEPENDENCIES
  gadgeto_rails!
  rspec
